GEM
  remote: https://rubygems.org/
  specs:
    backports (3.11.4)
    coderay (1.1.2)
    dotenv (2.5.0)
    method_source (0.9.2)
    multi_json (1.13.1)
    mustermann (1.0.3)
    oauth (0.5.4)
    pry (0.12.2)
      coderay (~> 1.1.0)
      method_source (~> 0.9.0)
    rack (2.0.6)
    rack-flash3 (1.0.5)
      rack
    rack-protection (2.0.5)
      rack
    rack-user_agent (0.5.2)
      rack (>= 1.5)
      woothee (>= 1.0.0)
    sinatra (2.0.5)
      mustermann (~> 1.0)
      rack (~> 2.0)
      rack-protection (= 2.0.5)
      tilt (~> 2.0)
    sinatra-contrib (2.0.5)
      backports (>= 2.8.2)
      multi_json
      mustermann (~> 1.0)
      rack-protection (= 2.0.5)
      sinatra (= 2.0.5)
      tilt (>= 1.3, < 3)
    tilt (2.0.9)
    woothee (1.8.0)

PLATFORMS
  ruby

DEPENDENCIES
  dotenv
  oauth
  pry
  rack-flash3
  rack-user_agent
  sinatra
  sinatra-contrib

BUNDLED WITH
   1.16.3
